PATH
  remote: .
  specs:
    delayed_job_redis (0.1.0)
      delayed_job (>= 2.1.0, < 4)
      json (>= 1.6.1)
      redis (>= 3.0.2)

GEM
  remote: http://rubygems.org/
  specs:
    activesupport (3.2.13)
      i18n (= 0.6.1)
      multi_json (~> 1.0)
    delayed_job (3.0.5)
      activesupport (~> 3.0)
    i18n (0.6.1)
    json (1.8.0)
    multi_json (1.7.8)
    rake (10.1.0)
    redis (3.0.4)

PLATFORMS
  ruby

DEPENDENCIES
  activesupport (>= 3.2.0)
  bundler (~> 1.3.5)
  delayed_job (~> 3.0.5)
  delayed_job_redis!
  json (>= 1.6.1)
  rake
  redis (>= 3.0.2)
